GIT
  remote: git://github.com/flori/json.git
  revision: 2c0f8d2c9b15a33b8d10ffcb1959aef54d320b57
  ref: 2c0f8d
  specs:
    json_pure (1.4.6a)

GEM
  remote: http://rubygems.org/
  specs:
    RedCloth (4.2.3)
    abstract (1.0.0)
    actionmailer (3.0.3)
      actionpack (= 3.0.3)
      mail (~> 2.2.9)
    actionpack (3.0.3)
      activemodel (= 3.0.3)
      activesupport (= 3.0.3)
      builder (~> 2.1.2)
      erubis (~> 2.6.6)
      i18n (~> 0.4)
      rack (~> 1.2.1)
      rack-mount (~> 0.6.13)
      rack-test (~> 0.5.6)
      tzinfo (~> 0.3.23)
    activemodel (3.0.3)
      activesupport (= 3.0.3)
      builder (~> 2.1.2)
      i18n (~> 0.4)
    activerecord (3.0.3)
      activemodel (= 3.0.3)
      activesupport (= 3.0.3)
      arel (~> 2.0.2)
      tzinfo (~> 0.3.23)
    activeresource (3.0.3)
      activemodel (= 3.0.3)
      activesupport (= 3.0.3)
    activesupport (3.0.3)
    acts_as_sanitiled (1.1.2)
      RedCloth
      nokogiri (~> 1.3.3)
      sanitize (~> 1.1.0)
    arel (2.0.6)
    authlogic (2.1.6)
      activesupport
    babosa (0.2.0)
    builder (2.1.2)
    cancan (1.4.1)
    colored (1.2)
    configuration (1.1.0)
    erubis (2.6.6)
      abstract (>= 1.0.0)
    friendly_id (3.1.6)
      babosa (~> 0.2.0)
    heroku (1.12.1)
      json_pure (>= 1.2.0, < 1.5.0)
      launchy (~> 0.3.2)
      rest-client (>= 1.4.0, < 1.7.0)
    i18n (0.5.0)
    kgio (2.1.1)
    launchy (0.3.7)
      configuration (>= 0.0.5)
      rake (>= 0.8.1)
    mail (2.2.11)
      activesupport (>= 2.3.6)
      i18n (~> 0.5.0)
      mime-types (~> 1.16)
      treetop (~> 1.4.8)
    mime-types (1.16)
    nokogiri (1.3.3)
    pg (0.9.0)
    polyglot (0.3.1)
    rack (1.2.1)
    rack-mount (0.6.13)
      rack (>= 1.0.0)
    rack-test (0.5.6)
      rack (>= 1.0)
    rails (3.0.3)
      actionmailer (= 3.0.3)
      actionpack (= 3.0.3)
      activerecord (= 3.0.3)
      activeresource (= 3.0.3)
      activesupport (= 3.0.3)
      bundler (~> 1.0)
      railties (= 3.0.3)
    railties (3.0.3)
      actionpack (= 3.0.3)
      activesupport (= 3.0.3)
      rake (>= 0.8.7)
      thor (~> 0.14.4)
    rake (0.8.7)
    rest-client (1.6.1)
      mime-types (>= 1.16)
    ri_cal (0.8.7)
    sanitize (1.1.0)
      nokogiri (~> 1.3.3)
    thor (0.14.6)
    treetop (1.4.9)
      polyglot (>= 0.3.1)
    tzinfo (0.3.23)
    unicorn (3.3.1)
      kgio (~> 2.1)
      rack

PLATFORMS
  ruby

DEPENDENCIES
  RedCloth
  acts_as_sanitiled
  authlogic
  cancan
  colored
  friendly_id
  heroku
  json_pure (= 1.4.6a)!
  pg
  rails (= 3.0.3)
  ri_cal
  unicorn
